GIT
  remote: git://github.com/alexreisner/geocoder.git
  revision: e68db72eb02ca7d003c7aa558d6dc828eb53c57c
  specs:
    rails-geocoder (0.9.7)

GIT
  remote: git://github.com/jnicklas/capybara.git
  revision: a0e5811ad1a5314918098bdd25e45ec5de260eb0
  specs:
    capybara (0.4.1.1)
      mime-types (>= 1.16)
      nokogiri (>= 1.3.3)
      rack (>= 1.0.0)
      rack-test (>= 0.5.4)
      selenium-webdriver (>= 0.0.27)
      xpath (~> 0.1.3)

GIT
  remote: git://github.com/plataformatec/devise.git
  revision: 1d6944d201513068619d301ecafd06f31c9ae6fe
  tag: v1.2.rc
  specs:
    devise (1.2.rc)
      bcrypt-ruby (~> 2.1.2)
      orm_adapter (~> 0.0.2)
      warden (~> 1.0.2)

GIT
  remote: git://github.com/sleepycat/paperclip.git
  revision: 7a2208c37c78ddb951c8891f5a596cf4e40570de
  specs:
    paperclip (2.3.8)
      activerecord
      activesupport

GEM
  remote: http://rubygems.org/
  specs:
    abstract (1.0.0)
    actionmailer (3.0.7)
      actionpack (= 3.0.7)
      mail (~> 2.2.15)
    actionpack (3.0.7)
      activemodel (= 3.0.7)
      activesupport (= 3.0.7)
      builder (~> 2.1.2)
      erubis (~> 2.6.6)
      i18n (~> 0.5.0)
      rack (~> 1.2.1)
      rack-mount (~> 0.6.14)
      rack-test (~> 0.5.7)
      tzinfo (~> 0.3.23)
    activemodel (3.0.7)
      activesupport (= 3.0.7)
      builder (~> 2.1.2)
      i18n (~> 0.5.0)
    activerecord (3.0.7)
      activemodel (= 3.0.7)
      activesupport (= 3.0.7)
      arel (~> 2.0.2)
      tzinfo (~> 0.3.23)
    activeresource (3.0.7)
      activemodel (= 3.0.7)
      activesupport (= 3.0.7)
    activesupport (3.0.7)
    addressable (2.2.4)
    arel (2.0.10)
    bcrypt-ruby (2.1.4)
    builder (2.1.2)
    cgi_multipart_eof_fix (2.5.0)
    childprocess (0.1.7)
      ffi (~> 0.6.3)
    columnize (0.3.2)
    configuration (1.2.0)
    daemons (1.1.0)
    declarative_authorization (0.5.2)
    diff-lcs (1.1.2)
    downthetube (0.0.5)
      gdata (>= 1.0.0)
    erubis (2.6.6)
      abstract (>= 1.0.0)
    faraday (0.6.1)
      addressable (~> 2.2.4)
      multipart-post (~> 1.1.0)
      rack (>= 1.1.0, < 2)
    fastthread (1.0.7)
    ffi (0.6.3)
      rake (>= 0.8.7)
    gdata (1.1.2)
    gem_plugin (0.2.3)
    globalize3 (0.0.11)
      activemodel (>= 3.0.0)
      activerecord (>= 3.0.0)
    haml (3.0.25)
    i18n (0.5.0)
    jquery-rails (0.2.6)
      rails (~> 3.0)
      thor (~> 0.14.4)
    json_pure (1.5.1)
    launchy (0.4.0)
      configuration (>= 0.0.5)
      rake (>= 0.8.1)
    linecache (0.43)
    mail (2.2.19)
      activesupport (>= 2.3.6)
      i18n (>= 0.4.0)
      mime-types (~> 1.16)
      treetop (~> 1.4.8)
    mime-types (1.16)
    mongrel (1.1.5)
      cgi_multipart_eof_fix (>= 2.4)
      daemons (>= 1.0.3)
      fastthread (>= 1.0.1)
      gem_plugin (>= 0.2.3)
    multi_json (0.0.5)
    multipart-post (1.1.0)
    net-ldap (0.1.1)
    net-sftp (2.0.5)
      net-ssh (>= 2.0.9)
    net-ssh (2.1.0)
    nokogiri (1.4.4)
    oa-basic (0.2.4)
      oa-core (= 0.2.4)
      rest-client (~> 1.6.0)
    oa-core (0.2.4)
    oa-enterprise (0.2.4)
      addressable (= 2.2.4)
      net-ldap (~> 0.1.1)
      nokogiri (~> 1.4.2)
      oa-core (= 0.2.4)
      pyu-ruby-sasl (~> 0.0.3.1)
      rubyntlm (~> 0.1.1)
    oa-more (0.2.4)
      multi_json (~> 0.0.2)
      oa-core (= 0.2.4)
      rest-client (~> 1.6.0)
    oa-oauth (0.2.4)
      faraday (~> 0.6.1)
      multi_json (>= 0.0.5)
      nokogiri (~> 1.4.2)
      oa-core (= 0.2.4)
      oauth (~> 0.4.0)
      oauth2 (~> 0.4.1)
    oa-openid (0.2.4)
      oa-core (= 0.2.4)
      rack-openid (~> 1.2.0)
      ruby-openid-apps-discovery
    oauth (0.4.4)
    oauth2 (0.4.1)
      faraday (~> 0.6.1)
      multi_json (>= 0.0.5)
    omniauth (0.2.4)
      oa-basic (= 0.2.4)
      oa-core (= 0.2.4)
      oa-enterprise (= 0.2.4)
      oa-more (= 0.2.4)
      oa-oauth (= 0.2.4)
      oa-openid (= 0.2.4)
    orm_adapter (0.0.4)
    pg (0.10.1)
    polyglot (0.3.1)
    pyu-ruby-sasl (0.0.3.2)
    rack (1.2.3)
    rack-mount (0.6.14)
      rack (>= 1.0.0)
    rack-openid (1.2.0)
      rack (>= 1.1.0)
      ruby-openid (>= 2.1.8)
    rack-test (0.5.7)
      rack (>= 1.0)
    rails (3.0.7)
      actionmailer (= 3.0.7)
      actionpack (= 3.0.7)
      activerecord (= 3.0.7)
      activeresource (= 3.0.7)
      activesupport (= 3.0.7)
      bundler (~> 1.0)
      railties (= 3.0.7)
    railties (3.0.7)
      actionpack (= 3.0.7)
      activesupport (= 3.0.7)
      rake (>= 0.8.7)
      thor (~> 0.14.4)
    rake (0.9.1)
    rest-client (1.6.1)
      mime-types (>= 1.16)
    rspec (2.5.0)
      rspec-core (~> 2.5.0)
      rspec-expectations (~> 2.5.0)
      rspec-mocks (~> 2.5.0)
    rspec-core (2.5.1)
    rspec-expectations (2.5.0)
      diff-lcs (~> 1.1.2)
    rspec-mocks (2.5.0)
    rspec-rails (2.5.0)
      actionpack (~> 3.0)
      activesupport (~> 3.0)
      railties (~> 3.0)
      rspec (~> 2.5.0)
    ruby-debug (0.10.4)
      columnize (>= 0.1)
      ruby-debug-base (~> 0.10.4.0)
    ruby-debug-base (0.10.4)
      linecache (>= 0.3)
    ruby-openid (2.1.8)
    ruby-openid-apps-discovery (1.2.0)
      ruby-openid (>= 2.1.7)
    rubyntlm (0.1.1)
    rubyzip (0.9.4)
    selenium-webdriver (0.1.3)
      childprocess (~> 0.1.5)
      ffi (~> 0.6.3)
      json_pure
      rubyzip
    thor (0.14.6)
    treetop (1.4.9)
      polyglot (>= 0.3.1)
    tzinfo (0.3.27)
    warden (1.0.3)
      rack (>= 1.0.0)
    xpath (0.1.3)
      nokogiri (~> 1.3)

PLATFORMS
  ruby

DEPENDENCIES
  capybara!
  declarative_authorization
  devise!
  downthetube (= 0.0.5)
  globalize3
  haml
  jquery-rails (>= 0.2.6)
  launchy
  mongrel
  net-sftp
  net-ssh
  omniauth
  paperclip!
  pg
  rails (= 3.0.7)
  rails-geocoder!
  rspec-rails
  ruby-debug
